GEM
  remote: http://rubygems.org/
  specs:
    abstract (1.0.0)
    actionmailer (3.1.1)
      actionpack (>= 3.0.7)
      mail (>= 2.2.15)
    actionpack (3.1.1)
      activemodel (= 3.1.1)
      activesupport (>= 3.0.7)
      builder (>= 2.1.2)
      erubis (>= 2.7.0)
      i18n (>= 0.6.0)
      rack (>= 1.3.5)
      rack-mount (>= 0.6.14)
      rack-test (>= 0.5.7)
      tzinfo (>= 0.3.23)
    activemodel (3.1.1)
      activesupport (>= 3.0.7)
      builder (>= 2.1.2)
      i18n (>= 0.6.0)
    activerecord (3.1.1)
      activemodel (= 3.1.1)
      activesupport (>= 3.0.7)
      arel (>= 2.0.2)
      tzinfo (>= 0.3.23)
    activeresource (3.1.1)
      activemodel (= 3.1.1)
      activesupport (>= 3.0.7)
    activesupport (3.1.1)
    arel (2.2.1)
    backports (2.3.0)
    base32 (0.2.0)
    builder (3.0.0)
    erubis (2.7.0)
      abstract (>= 1.0.0)
    eventmachine (0.12.10)
    git (1.2.5)
    google_authenticator_auth (1.0.0)
      builder
    haml (3.1.3)
    i18n (0.6.0)
    mail (2.3.0)
      activesupport (>= 2.3.6)
      i18n (>= 0.4.0)
      mime-types (~> 1.16)
      treetop (>= 1.4.8)
    mime-types (1.16)
    multi_json (1.0.3)
    polyglot (0.3.2)
    rack (1.3.5)
    rack-mount (0.8.3)
      rack (>= 1.0.0)
    rack-protection (1.1.4)
      rack
    rack-test (0.6.1)
      rack (>= 1.0)
    rails (3.1.1)
      actionmailer (>= 3.0.7)
      actionpack (>= 3.0.7)
      activerecord (>= 3.0.7)
      activeresource (>= 3.0.7)
      activesupport (>= 3.0.7)
      bundler (>= 1.0)
      railties (>= 3.0.7)
    railties (3.1.1)
      actionpack (>= 3.0.7)
      activesupport (>= 3.0.7)
      rake (>= 0.8.7)
      thor (~> 0.14.4)
    rake (0.8.7)
    sinatra (1.3.1)
      rack (>= 1.1)
      tilt (>= 1.2.2, < 2.0)
    sinatra-contrib (1.3.1)
      backports (>= 2.0)
      eventmachine
      rack-protection
      rack-test
      sinatra (~> 1.3.0)
      tilt (~> 1.3)
    sqlite3 (1.3.4)
    thor (0.14.6)
    tilt (1.3.3)
    treetop (1.4.10)
      polyglot (>= 0.3.1)
    tzinfo (0.3.30)

PLATFORMS
  ruby

DEPENDENCIES
  base32
  git
  google_authenticator_auth
  haml
  multi_json (~> 1.0.3)
  rack-protection (~> 1.1.4)
  rails
  sinatra
  sinatra-contrib (>= 1.0)
  sqlite3
